GEM
  remote: https://rubygems.org/
  specs:
    nio4r (2.5.8)
    puma (5.4.0)
      nio4r (~> 2.0)
    rack (2.2.3)

PLATFORMS
  x86_64-darwin-20

DEPENDENCIES
  puma (= 5.4.0)
  rack (= 2.2.3)

RUBY VERSION
   ruby 3.0.2p107

BUNDLED WITH
   2.2.25
